GEM
  remote: https://rubygems.org/
  specs:
    awesome_print (1.2.0)
    coderay (1.0.9)
    metaclass (0.0.1)
    method_source (0.8.2)
    minitest (5.0.8)
    mocha (0.14.0)
      metaclass (~> 0.0.1)
    mysql2 (0.3.13)
    pry (0.9.12.2)
      coderay (~> 1.0.5)
      method_source (~> 0.8)
      slop (~> 3.4)
    rake (10.1.0)
    slop (3.4.6)

PLATFORMS
  ruby

DEPENDENCIES
  awesome_print
  minitest
  mocha
  mysql2
  pry
  rake
